GEM
  remote: https://rubygems.org/
  specs:
    awesome_print (1.8.0)
    minitest (5.10.1)

PLATFORMS
  ruby

DEPENDENCIES
  awesome_print
  minitest

BUNDLED WITH
   1.16.0
